GEM
  remote: http://rubygems.org/
  specs:
    activemodel (3.0.16)
      activesupport (= 3.0.16)
      builder (~> 2.1.2)
      i18n (~> 0.5.0)
    activerecord (3.0.16)
      activemodel (= 3.0.16)
      activesupport (= 3.0.16)
      arel (~> 2.0.10)
      tzinfo (~> 0.3.23)
    activesupport (3.0.16)
    archive-tar-minitar (0.5.2)
    arel (2.0.10)
    builder (2.1.2)
    columnize (0.3.6)
    diff-lcs (1.1.3)
    ffi (1.1.0)
    git (1.2.5)
    guard (1.2.3)
      listen (>= 0.4.2)
      thor (>= 0.14.6)
    guard-bundler (1.0.0)
      bundler (~> 1.0)
      guard (~> 1.1)
    guard-rspec (1.2.0)
      guard (>= 1.1)
    guard-spork (1.1.0)
      guard (>= 1.1)
      spork (>= 0.8.4)
    i18n (0.5.0)
    jeweler (1.8.4)
      bundler (~> 1.0)
      git (>= 1.2.5)
      rake
      rdoc
    json (1.7.4)
    linecache19 (0.5.12)
      ruby_core_source (>= 0.1.4)
    listen (0.4.7)
      rb-fchange (~> 0.0.5)
      rb-fsevent (~> 0.9.1)
      rb-inotify (~> 0.8.8)
    metaclass (0.0.1)
    mocha (0.12.1)
      metaclass (~> 0.0.1)
    rake (0.9.2.2)
    rb-fchange (0.0.5)
      ffi
    rb-fsevent (0.9.1)
    rb-inotify (0.8.8)
      ffi (>= 0.5.0)
    rdoc (3.12)
      json (~> 1.4)
    rspec (2.11.0)
      rspec-core (~> 2.11.0)
      rspec-expectations (~> 2.11.0)
      rspec-mocks (~> 2.11.0)
    rspec-core (2.11.1)
    rspec-expectations (2.11.1)
      diff-lcs (~> 1.1.3)
    rspec-mocks (2.11.1)
    ruby-debug-base19 (0.11.25)
      columnize (>= 0.3.1)
      linecache19 (>= 0.5.11)
      ruby_core_source (>= 0.1.4)
    ruby-debug19 (0.11.6)
      columnize (>= 0.3.1)
      linecache19 (>= 0.5.11)
      ruby-debug-base19 (>= 0.11.19)
    ruby_core_source (0.1.5)
      archive-tar-minitar (>= 0.5.2)
    spork (0.9.2)
    sqlite3 (1.3.6)
    thor (0.15.4)
    tzinfo (0.3.33)
    yard (0.8.2.1)

PLATFORMS
  ruby

DEPENDENCIES
  activerecord (~> 3.0.9)
  activesupport (~> 3.0.9)
  bundler
  guard-bundler
  guard-rspec
  guard-spork
  jeweler (~> 1.8.3)
  mocha
  rdoc
  rspec
  ruby-debug19
  sqlite3
  yard
